PATH
  remote: .
  specs:
    rsmp (0.35.2)
      async (~> 2.21)
      async-io (~> 1.43)
      colorize (~> 1.1)
      logger (~> 1.6)
      ostruct (~> 0.6)
      rsmp_schema (~> 0.8)

GEM
  remote: https://rubygems.org/
  specs:
    aruba (2.3.0)
      bundler (>= 1.17, < 3.0)
      contracts (>= 0.16.0, < 0.18.0)
      cucumber (>= 8.0, < 10.0)
      rspec-expectations (~> 3.4)
      thor (~> 1.0)
    async (2.23.0)
      console (~> 1.29)
      fiber-annotation
      io-event (~> 1.9)
      metrics (~> 0.12)
      traces (~> 0.15)
    async-io (1.43.2)
      async
    bigdecimal (3.1.9)
    builder (3.3.0)
    colorize (1.1.0)
    console (1.29.3)
      fiber-annotation
      fiber-local (~> 1.1)
      json
    contracts (0.17.2)
    cucumber (9.2.1)
      builder (~> 3.2)
      cucumber-ci-environment (> 9, < 11)
      cucumber-core (> 13, < 14)
      cucumber-cucumber-expressions (~> 17.0)
      cucumber-gherkin (> 24, < 28)
      cucumber-html-formatter (> 20.3, < 22)
      cucumber-messages (> 19, < 25)
      diff-lcs (~> 1.5)
      mini_mime (~> 1.1)
      multi_test (~> 1.1)
      sys-uname (~> 1.2)
    cucumber-ci-environment (10.0.1)
    cucumber-core (13.0.3)
      cucumber-gherkin (>= 27, < 28)
      cucumber-messages (>= 20, < 23)
      cucumber-tag-expressions (> 5, < 7)
    cucumber-cucumber-expressions (17.1.0)
      bigdecimal
    cucumber-gherkin (27.0.0)
      cucumber-messages (>= 19.1.4, < 23)
    cucumber-html-formatter (21.9.0)
      cucumber-messages (> 19, < 28)
    cucumber-messages (22.0.0)
    cucumber-tag-expressions (6.1.2)
    diff-lcs (1.6.0)
    ffi (1.17.1)
    fiber-annotation (0.2.0)
    fiber-local (1.1.0)
      fiber-storage
    fiber-storage (1.0.0)
    hana (1.3.7)
    io-event (1.9.0)
    json (2.10.2)
    json_schemer (2.3.0)
      bigdecimal
      hana (~> 1.3)
      regexp_parser (~> 2.0)
      simpleidn (~> 0.2)
    logger (1.6.6)
    metrics (0.12.1)
    mini_mime (1.1.5)
    multi_test (1.1.0)
    ostruct (0.6.1)
    rake (13.2.1)
    regexp_parser (2.10.0)
    rsmp_schema (0.8.7)
      json_schemer (~> 2.3.0)
      thor (~> 1.3.1)
    rspec (3.13.0)
      rspec-core (~> 3.13.0)
      rspec-expectations (~> 3.13.0)
      rspec-mocks (~> 3.13.0)
    rspec-core (3.13.3)
      rspec-support (~> 3.13.0)
    rspec-expectations (3.13.3)
      diff-lcs (>= 1.2.0, < 2.0)
      rspec-support (~> 3.13.0)
    rspec-mocks (3.13.2)
      diff-lcs (>= 1.2.0, < 2.0)
      rspec-support (~> 3.13.0)
    rspec-support (3.13.2)
    simpleidn (0.2.3)
    sys-uname (1.3.1)
      ffi (~> 1.1)
    thor (1.3.2)
    timecop (0.9.10)
    traces (0.15.2)

PLATFORMS
  arm64-darwin-22
  arm64-darwin-23
  x64-mingw-ucrt
  x64-mingw32
  x86_64-darwin-19
  x86_64-darwin-20
  x86_64-darwin-21
  x86_64-darwin-22
  x86_64-linux

DEPENDENCIES
  aruba (~> 2.3)
  bundler (~> 2.6)
  cucumber (~> 9.2)
  rake (~> 13.2)
  rsmp!
  rspec (~> 3.13)
  rspec-expectations (~> 3.13)
  timecop (~> 0.9)

BUNDLED WITH
   2.6.3
