PATH
  remote: .
  specs:
    rsmp (0.25.3)
      async (~> 2.6.4)
      async-io (~> 1.36.0)
      colorize (~> 0.8.1)
      rsmp_schema (~> 0.5.1)

GEM
  remote: https://rubygems.org/
  specs:
    aruba (2.1.0)
      bundler (>= 1.17, < 3.0)
      childprocess (>= 2.0, < 5.0)
      contracts (>= 0.16.0, < 0.18.0)
      cucumber (>= 4.0, < 9.0)
      rspec-expectations (~> 3.4)
      thor (~> 1.0)
    async (2.6.5)
      console (~> 1.10)
      fiber-annotation
      io-event (~> 1.1)
      timers (~> 4.1)
    async-io (1.36.1)
      async
    builder (3.2.4)
    childprocess (4.1.0)
    colorize (0.8.1)
    console (1.23.2)
      fiber-annotation
      fiber-local
    contracts (0.17)
    cucumber (8.0.0)
      builder (~> 3.2, >= 3.2.4)
      cucumber-ci-environment (~> 9.0, >= 9.0.4)
      cucumber-core (~> 11.0, >= 11.0.0)
      cucumber-cucumber-expressions (~> 15.1, >= 15.1.1)
      cucumber-gherkin (~> 23.0, >= 23.0.1)
      cucumber-html-formatter (~> 19.1, >= 19.1.0)
      cucumber-messages (~> 18.0, >= 18.0.0)
      diff-lcs (~> 1.5, >= 1.5.0)
      mime-types (~> 3.4, >= 3.4.1)
      multi_test (~> 1.1, >= 1.1.0)
      sys-uname (~> 1.2, >= 1.2.2)
    cucumber-ci-environment (9.2.0)
    cucumber-core (11.0.0)
      cucumber-gherkin (~> 23.0, >= 23.0.1)
      cucumber-messages (~> 18.0, >= 18.0.0)
      cucumber-tag-expressions (~> 4.1, >= 4.1.0)
    cucumber-cucumber-expressions (15.2.0)
    cucumber-gherkin (23.0.1)
      cucumber-messages (~> 18.0, >= 18.0.0)
    cucumber-html-formatter (19.2.0)
      cucumber-messages (~> 18.0, >= 18.0.0)
    cucumber-messages (18.0.0)
    cucumber-tag-expressions (4.1.0)
    diff-lcs (1.5.0)
    ffi (1.16.2)
    fiber-annotation (0.2.0)
    fiber-local (1.0.0)
    hana (1.3.7)
    io-event (1.3.3)
    json_schemer (2.1.0)
      hana (~> 1.3)
      regexp_parser (~> 2.0)
      simpleidn (~> 0.2)
    mime-types (3.5.1)
      mime-types-data (~> 3.2015)
    mime-types-data (3.2023.0808)
    multi_test (1.1.0)
    rake (13.0.6)
    regexp_parser (2.8.2)
    rsmp_schema (0.5.3)
      json_schemer (~> 2.1.0)
      thor (~> 1.3.0)
    rspec (3.12.0)
      rspec-core (~> 3.12.0)
      rspec-expectations (~> 3.12.0)
      rspec-mocks (~> 3.12.0)
    rspec-core (3.12.2)
      rspec-support (~> 3.12.0)
    rspec-expectations (3.12.3)
      diff-lcs (>= 1.2.0, < 2.0)
      rspec-support (~> 3.12.0)
    rspec-mocks (3.12.6)
      diff-lcs (>= 1.2.0, < 2.0)
      rspec-support (~> 3.12.0)
    rspec-support (3.12.1)
    simpleidn (0.2.1)
      unf (~> 0.1.4)
    sys-uname (1.2.3)
      ffi (~> 1.1)
    thor (1.3.0)
    timecop (0.9.8)
    timers (4.3.5)
    unf (0.1.4)
      unf_ext
    unf_ext (0.0.9.1)

PLATFORMS
  arm64-darwin-22
  arm64-darwin-23
  x64-mingw-ucrt
  x64-mingw32
  x86_64-darwin-19
  x86_64-darwin-20
  x86_64-darwin-21
  x86_64-darwin-22
  x86_64-linux

DEPENDENCIES
  aruba (~> 2.1.0)
  bundler (~> 2.4.20)
  cucumber (~> 8.0.0)
  rake (~> 13.0.6)
  rsmp!
  rspec (~> 3.12.0)
  rspec-expectations (~> 3.12.2)
  timecop (~> 0.9.6)

BUNDLED WITH
   2.4.20
